PATH
  remote: .
  specs:
    redis_rpc (0.0.1)
      msgpack (~> 0.4.6)
      redis (~> 2.2.2)

GEM
  remote: http://rubygems.org/
  specs:
    minitest (2.9.1)
    msgpack (0.4.6)
    redis (2.2.2)

PLATFORMS
  java
  ruby

DEPENDENCIES
  minitest
  redis_rpc!
